GEM
  remote: http://rubygems.org/
  specs:
    daemons (1.3.1)
    eventmachine (1.2.7)
    i18n (0.7.0)
    maruku (0.7.2)
    mustermann (1.1.1)
      ruby2_keywords (~> 0.0.1)
    rack (2.2.3)
    rack-protection (2.0.8.1)
      rack
    rack-ssl-enforcer (0.2.9)
    ruby2_keywords (0.0.2)
    sinatra (2.0.8.1)
      mustermann (~> 1.0)
      rack (~> 2.0)
      rack-protection (= 2.0.8.1)
      tilt (~> 2.0)
    thin (1.7.2)
      daemons (~> 1.0, >= 1.0.9)
      eventmachine (~> 1.0, >= 1.0.4)
      rack (>= 1, < 3)
    tilt (2.0.10)

PLATFORMS
  ruby

DEPENDENCIES
  i18n
  maruku
  rack-ssl-enforcer
  sinatra (>= 2.0.0)
  thin (>= 1.7.0)

RUBY VERSION
   ruby 2.6.5p114

BUNDLED WITH
   1.17.3
